GEM
  remote: https://rubygems.org/
  specs:
    actionmailer (3.2.14)
      actionpack (= 3.2.14)
      mail (~> 2.5.4)
    actionpack (3.2.14)
      activemodel (= 3.2.14)
      activesupport (= 3.2.14)
      builder (~> 3.0.0)
      erubis (~> 2.7.0)
      journey (~> 1.0.4)
      rack (~> 1.4.5)
      rack-cache (~> 1.2)
      rack-test (~> 0.6.1)
      sprockets (~> 2.2.1)
    activemodel (3.2.14)
      activesupport (= 3.2.14)
      builder (~> 3.0.0)
    activerecord (3.2.14)
      activemodel (= 3.2.14)
      activesupport (= 3.2.14)
      arel (~> 3.0.2)
      tzinfo (~> 0.3.29)
    activeresource (3.2.14)
      activemodel (= 3.2.14)
      activesupport (= 3.2.14)
    activesupport (3.2.14)
      i18n (~> 0.6, >= 0.6.4)
      multi_json (~> 1.0)
    addressable (2.4.0)
    arel (3.0.3)
    bcrypt (3.1.11)
    bcrypt (3.1.11-x86-mingw32)
    bootstrap-datepicker-rails (1.6.0.1)
      railties (>= 3.0)
    browser-timezone-rails (0.2.00)
      jquery-cookie-rails
      jquery-rails
      jstz-rails
      rails (>= 3.1)
    builder (3.0.4)
    cancan (1.6.10)
    capybara (2.7.0)
      addressable
      mime-types (>= 1.16)
      nokogiri (>= 1.3.3)
      rack (>= 1.0.0)
      rack-test (>= 0.5.4)
      xpath (~> 2.0)
    challonge-api (0.2.0)
      activeresource
    cliver (0.3.2)
    coderay (1.1.1)
    coffee-rails (3.2.2)
      coffee-script (>= 2.2.0)
      railties (~> 3.2.0)
    coffee-script (2.4.1)
      coffee-script-source
      execjs
    coffee-script-source (1.10.0)
    crack (0.4.3)
      safe_yaml (~> 1.0.0)
    database_cleaner (1.5.2)
    devise (3.5.7)
      bcrypt (~> 3.0)
      orm_adapter (~> 0.1)
      railties (>= 3.2.6, < 5)
      responders
      thread_safe (~> 0.1)
      warden (~> 1.2.3)
    diff-lcs (1.2.5)
    erubis (2.7.0)
    execjs (2.6.0)
    factory_girl (4.7.0)
      activesupport (>= 3.0.0)
    factory_girl_rails (4.7.0)
      factory_girl (~> 4.7.0)
      railties (>= 3.0.0)
    gon (6.0.1)
      actionpack (>= 3.0)
      json
      multi_json
      request_store (>= 1.0)
    hashdiff (0.3.0)
    hike (1.2.3)
    i18n (0.7.0)
    journey (1.0.4)
    jquery-cookie-rails (1.3.1.1)
      railties (>= 3.2.0, < 5.0)
    jquery-rails (3.1.4)
      railties (>= 3.0, < 5.0)
      thor (>= 0.14, < 2.0)
    json (1.8.3)
    jstz-rails (1.0.4.1)
      railties (~> 3.1)
    kaminari (0.16.3)
      actionpack (>= 3.0.0)
      activesupport (>= 3.0.0)
    launchy (2.4.3)
      addressable (~> 2.3)
    mail (2.5.4)
      mime-types (~> 1.16)
      treetop (~> 1.4.8)
    method_source (0.8.2)
    mime-types (1.25.1)
    mini_portile2 (2.0.0)
    multi_json (1.11.2)
    nokogiri (1.6.7.2)
      mini_portile2 (~> 2.0.0.rc2)
    nokogiri (1.6.7.2-x86-mingw32)
      mini_portile2 (~> 2.0.0.rc2)
    orm_adapter (0.5.0)
    pg (0.18.4)
    pg (0.18.4-x86-mingw32)
    poltergeist (1.9.0)
      capybara (~> 2.1)
      cliver (~> 0.3.1)
      multi_json (~> 1.0)
      websocket-driver (>= 0.2.0)
    polyamorous (1.3.0)
      activerecord (>= 3.0)
    polyglot (0.3.5)
    power_assert (0.2.2)
    pry (0.10.3)
      coderay (~> 1.1.0)
      method_source (~> 0.8.1)
      slop (~> 3.4)
    rack (1.4.7)
    rack-cache (1.6.1)
      rack (>= 0.4)
    rack-ssl (1.3.4)
      rack
    rack-test (0.6.3)
      rack (>= 1.0)
    rails (3.2.14)
      actionmailer (= 3.2.14)
      actionpack (= 3.2.14)
      activerecord (= 3.2.14)
      activeresource (= 3.2.14)
      activesupport (= 3.2.14)
      bundler (~> 1.0)
      railties (= 3.2.14)
    rails_12factor (0.0.3)
      rails_serve_static_assets
      rails_stdout_logging
    rails_serve_static_assets (0.0.5)
    rails_stdout_logging (0.0.5)
    railties (3.2.14)
      actionpack (= 3.2.14)
      activesupport (= 3.2.14)
      rack-ssl (~> 1.3.2)
      rake (>= 0.8.7)
      rdoc (~> 3.4)
      thor (>= 0.14.6, < 2.0)
    rake (11.1.2)
    ransack (1.7.0)
      actionpack (>= 3.0)
      activerecord (>= 3.0)
      activesupport (>= 3.0)
      i18n
      polyamorous (~> 1.2)
    rdoc (3.12.2)
      json (~> 1.4)
    recaptcha (1.3.0)
      json
    request_store (1.3.1)
    responders (1.1.2)
      railties (>= 3.2, < 4.2)
    role_model (0.8.2)
    rspec-core (3.4.4)
      rspec-support (~> 3.4.0)
    rspec-expectations (3.4.0)
      diff-lcs (>= 1.2.0, < 2.0)
      rspec-support (~> 3.4.0)
    rspec-mocks (3.4.1)
      diff-lcs (>= 1.2.0, < 2.0)
      rspec-support (~> 3.4.0)
    rspec-rails (3.4.2)
      actionpack (>= 3.0, < 4.3)
      activesupport (>= 3.0, < 4.3)
      railties (>= 3.0, < 4.3)
      rspec-core (~> 3.4.0)
      rspec-expectations (~> 3.4.0)
      rspec-mocks (~> 3.4.0)
      rspec-support (~> 3.4.0)
    rspec-support (3.4.1)
    safe_yaml (1.0.4)
    sass (3.2.19)
    sass-rails (3.2.6)
      railties (~> 3.2.0)
      sass (>= 3.1.10)
      tilt (~> 1.3)
    select2-rails (3.5.9.3)
      thor (~> 0.14)
    sendgrid (1.2.4)
      json
    sextant (0.2.4)
      rails (>= 3.2)
    shoulda-matchers (2.8.0)
      activesupport (>= 3.0.0)
    simple_form (2.1.3)
      actionpack (~> 3.0)
      activemodel (~> 3.0)
    slop (3.6.0)
    sprockets (2.2.3)
      hike (~> 1.2)
      multi_json (~> 1.0)
      rack (~> 1.0)
      tilt (~> 1.1, != 1.3.0)
    test-unit (3.0.8)
      power_assert
    thor (0.19.1)
    thread_safe (0.3.5)
    tilt (1.4.1)
    treetop (1.4.15)
      polyglot
      polyglot (>= 0.3.1)
    tzinfo (0.3.49)
    uglifier (3.0.0)
      execjs (>= 0.3.0, < 3)
    valid_attribute (2.0.0)
    vcr (3.0.1)
    warden (1.2.6)
      rack (>= 1.0)
    webmock (1.24.5)
      addressable (>= 2.3.6)
      crack (>= 0.3.2)
      hashdiff
    websocket-driver (0.6.3)
      websocket-extensions (>= 0.1.0)
    websocket-extensions (0.1.2)
    xpath (2.0.0)
      nokogiri (~> 1.3)

PLATFORMS
  ruby
  x86-mingw32

DEPENDENCIES
  bootstrap-datepicker-rails
  browser-timezone-rails
  cancan
  capybara
  challonge-api
  coffee-rails (~> 3.2.1)
  database_cleaner
  devise
  factory_girl_rails
  gon
  jquery-rails
  kaminari
  launchy
  pg
  poltergeist
  pry
  rails (= 3.2.14)
  rails_12factor
  ransack
  recaptcha
  role_model
  rspec-rails
  sass (~> 3.2.19)
  sass-rails (~> 3.2.6)
  select2-rails (~> 3.5.9.1)
  sendgrid
  sextant
  shoulda-matchers
  simple_form
  test-unit
  uglifier (>= 1.3.0)
  valid_attribute
  vcr
  webmock
